GEM
  remote: https://rubygems.org/
  specs:
    csv (3.0.4)
    diff-lcs (1.3)
    mustermann (1.0.3)
    rack (2.0.6)
    rack-protection (2.0.5)
      rack
    rspec (3.8.0)
      rspec-core (~> 3.8.0)
      rspec-expectations (~> 3.8.0)
      rspec-mocks (~> 3.8.0)
    rspec-core (3.8.0)
      rspec-support (~> 3.8.0)
    rspec-expectations (3.8.2)
      diff-lcs (>= 1.2.0, < 2.0)
      rspec-support (~> 3.8.0)
    rspec-mocks (3.8.0)
      diff-lcs (>= 1.2.0, < 2.0)
      rspec-support (~> 3.8.0)
    rspec-support (3.8.0)
    shotgun (0.9.2)
      rack (>= 1.0)
    sinatra (2.0.5)
      mustermann (~> 1.0)
      rack (~> 2.0)
      rack-protection (= 2.0.5)
      tilt (~> 2.0)
    tilt (2.0.9)

PLATFORMS
  ruby

DEPENDENCIES
  csv
  rspec
  shotgun
  sinatra

RUBY VERSION
   ruby 2.5.1p57

BUNDLED WITH
   2.0.1
